PATH
  remote: .
  specs:
    coub_api (0.0.1)
      faraday (~> 0.8)
      hashie
      multi_json (~> 1.3)

GEM
  remote: https://rubygems.org/
  specs:
    diff-lcs (1.2.5)
    faraday (0.9.1)
      multipart-post (>= 1.2, < 3)
    hashie (3.4.2)
    multi_json (1.11.2)
    multipart-post (2.0.0)
    rake (10.4.2)
    rspec (3.3.0)
      rspec-core (~> 3.3.0)
      rspec-expectations (~> 3.3.0)
      rspec-mocks (~> 3.3.0)
    rspec-core (3.3.2)
      rspec-support (~> 3.3.0)
    rspec-expectations (3.3.1)
      diff-lcs (>= 1.2.0, < 2.0)
      rspec-support (~> 3.3.0)
    rspec-mocks (3.3.2)
      diff-lcs (>= 1.2.0, < 2.0)
      rspec-support (~> 3.3.0)
    rspec-support (3.3.0)

PLATFORMS
  ruby

DEPENDENCIES
  bundler (~> 1.3)
  coub_api!
  rake
  rspec
